PATH
  remote: .
  specs:
    www-delicious (0.4.0)

GEM
  remote: http://rubygems.org/
  specs:
    bouncy-castle-java (1.5.0146.1)
    jruby-openssl (0.7.4)
      bouncy-castle-java
    metaclass (0.0.1)
    mocha (0.10.0)
      metaclass (~> 0.0.1)
    rake (0.9.2.2)
    yard (0.9.20)

PLATFORMS
  java
  ruby

DEPENDENCIES
  jruby-openssl
  mocha
  rake
  www-delicious!
  yard
